PATH
  remote: .
  specs:
    cucumber-api (0.1.0)
      addressable (= 2.5)
      cucumber (= 6.1)
      json-schema (~> 2.8.0)
      jsonpath (~> 0.8)
      rest-client (~> 2.0.2)

GEM
  remote: https://rubygems.org/
  specs:
    activesupport (6.1.3.2)
      concurrent-ruby (~> 1.0, >= 1.0.2)
      i18n (>= 1.6, < 2)
      minitest (>= 5.1)
      tzinfo (~> 2.0)
      zeitwerk (~> 2.3)
    addressable (2.5.0)
      public_suffix (~> 2.0, >= 2.0.2)
    allure-cucumber (2.14.1)
      allure-ruby-commons (= 2.14.1)
      cucumber (>= 4.0.0, < 7)
    allure-ruby-commons (2.14.1)
      mime-types (>= 3.3, < 4)
      oj (>= 3.10, < 4)
      require_all (>= 2, < 4)
      uuid (>= 2.3, < 3)
    builder (3.2.4)
    concurrent-ruby (1.1.9)
    cucumber (6.1.0)
      builder (~> 3.2, >= 3.2.4)
      cucumber-core (~> 9.0, >= 9.0.1)
      cucumber-create-meta (~> 4.0, >= 4.0.0)
      cucumber-cucumber-expressions (~> 12.1, >= 12.1.1)
      cucumber-gherkin (~> 18.1, >= 18.1.0)
      cucumber-html-formatter (~> 13.0, >= 13.0.0)
      cucumber-messages (~> 15.0, >= 15.0.0)
      cucumber-wire (~> 5.0, >= 5.0.1)
      diff-lcs (~> 1.4, >= 1.4.4)
      mime-types (~> 3.3, >= 3.3.1)
      multi_test (~> 0.1, >= 0.1.2)
      sys-uname (~> 1.2, >= 1.2.2)
    cucumber-core (9.0.1)
      cucumber-gherkin (~> 18.1, >= 18.1.0)
      cucumber-messages (~> 15.0, >= 15.0.0)
      cucumber-tag-expressions (~> 3.0, >= 3.0.1)
    cucumber-create-meta (4.0.0)
      cucumber-messages (~> 15.0, >= 15.0.0)
      sys-uname (~> 1.2, >= 1.2.2)
    cucumber-cucumber-expressions (12.1.1)
    cucumber-gherkin (18.1.1)
      cucumber-messages (~> 15.0, >= 15.0.0)
    cucumber-html-formatter (13.0.0)
      cucumber-messages (~> 15.0, >= 15.0.0)
    cucumber-messages (15.0.0)
      protobuf-cucumber (~> 3.10, >= 3.10.8)
    cucumber-tag-expressions (3.0.1)
    cucumber-wire (5.0.1)
      cucumber-core (~> 9.0, >= 9.0.1)
      cucumber-cucumber-expressions (~> 12.1, >= 12.1.1)
      cucumber-messages (~> 15.0, >= 15.0.0)
    diff-lcs (1.4.4)
    domain_name (0.5.20190701)
      unf (>= 0.0.5, < 1.0.0)
    ffi (1.15.3)
    http-cookie (1.0.4)
      domain_name (~> 0.5)
    i18n (1.8.10)
      concurrent-ruby (~> 1.0)
    json-schema (2.8.1)
      addressable (>= 2.4)
    jsonpath (0.9.9)
      multi_json
      to_regexp (~> 0.2.1)
    macaddr (1.7.2)
      systemu (~> 2.6.5)
    middleware (0.1.0)
    mime-types (3.3.1)
      mime-types-data (~> 3.2015)
    mime-types-data (3.2021.0225)
    minitest (5.14.4)
    multi_json (1.15.0)
    multi_test (0.1.2)
    netrc (0.11.0)
    oj (3.11.7)
    protobuf-cucumber (3.10.8)
      activesupport (>= 3.2)
      middleware
      thor
      thread_safe
    public_suffix (2.0.5)
    require_all (3.0.0)
    rest-client (2.0.2)
      http-cookie (>= 1.0.2, < 2.0)
      mime-types (>= 1.16, < 4.0)
      netrc (~> 0.8)
    sys-uname (1.2.2)
      ffi (~> 1.1)
    systemu (2.6.5)
    thor (1.1.0)
    thread_safe (0.3.6)
    to_regexp (0.2.1)
    tzinfo (2.0.4)
      concurrent-ruby (~> 1.0)
    unf (0.1.4)
      unf_ext
    unf_ext (0.0.7.7)
    uuid (2.3.9)
      macaddr (~> 1.0)
    zeitwerk (2.4.2)

PLATFORMS
  universal-darwin-20

DEPENDENCIES
  allure-cucumber
  cucumber-api!

BUNDLED WITH
   2.2.20
